GEM
  remote: http://rubygems.org/
  specs:
    beefcake (0.3.1)
    clbustos-rtf (0.4.2)
    dirty-memoize (0.0.4)
    distribution (0.5.0)
    eventmachine (0.12.10)
    extendmatrix (0.3.1)
    fastercsv (1.5.4)
    fraggle (4.0.0.pre.1)
      beefcake (~> 0.3)
      eventmachine
    minimization (0.2.1)
      text-table (~> 1.2)
    prawn (0.8.4)
      prawn-core (< 0.9, >= 0.8.4)
      prawn-layout (< 0.9, >= 0.8.4)
      prawn-security (< 0.9, >= 0.8.4)
    prawn-core (0.8.4)
    prawn-layout (0.8.4)
    prawn-security (0.8.4)
    prawn-svg (0.9.1.10)
      prawn (>= 0.8.4)
      prawn-core (>= 0.8.4)
    reportbuilder (1.4.1)
      clbustos-rtf (~> 0.4.0)
      prawn (~> 0.8.4)
      prawn-svg (~> 0.9.1)
      text-table (~> 1.2)
    rserve-client (0.2.5)
    ruby-ole (1.2.11.1)
    rubyvis (0.4.1)
    spreadsheet (0.6.5.4)
      ruby-ole (>= 1.0)
    statsample (1.0.1)
      dirty-memoize (~> 0.0)
      distribution (~> 0.3)
      extendmatrix (~> 0.3.1)
      fastercsv (> 0)
      minimization (~> 0.2.0)
      reportbuilder (~> 1.4)
      rserve-client (~> 0.2.5)
      rubyvis (~> 0.4.0)
      spreadsheet (~> 0.6.5)
      statsample-bivariate-extension (> 0)
    statsample-bivariate-extension (0.16.1)
    text-table (1.2.2)

PLATFORMS
  ruby

DEPENDENCIES
  fraggle (= 4.0.0.pre.1)
  statsample (= 1.0.1)
